PATH
  remote: .
  specs:
    concerning (1.1.0)
      activesupport (>= 3.0.0)

GEM
  remote: https://rubygems.org/
  specs:
    activesupport (3.2.13)
      i18n (= 0.6.1)
      multi_json (~> 1.0)
    i18n (0.6.1)
    minitest (5.2.3)
    multi_json (1.8.4)

PLATFORMS
  ruby

DEPENDENCIES
  concerning!
  minitest (~> 5.1)
